GEM
  remote: https://rubygems.org/
  specs:
    awesome_print (1.8.0)
    curb (0.8.6)
    mail (2.6.6)
      mime-types (>= 1.16, < 4)
    mime-types (3.1)
      mime-types-data (~> 3.2015)
    mime-types-data (3.2016.0521)
    sharepoint-ruby (0.0.2)
      curb (~> 0.8, <= 0.8.6)

PLATFORMS
  ruby

DEPENDENCIES
  awesome_print
  mail
  sharepoint-ruby

BUNDLED WITH
   1.13.6
